GEM
  remote: https://rubygems.org/
  specs:
    coderay (1.1.3)
    method_source (1.0.0)
    nio4r (2.5.8)
    pry (0.14.2)
      coderay (~> 1.1)
      method_source (~> 1.0)
    puma (6.1.1)
      nio4r (~> 2.0)
    rack (3.0.4.2)
    sequel (5.66.0)
    sinatra (1.0)
      rack (>= 1.0)
    sqlite3 (1.6.1-x86_64-darwin)

PLATFORMS
  x86_64-darwin-22

DEPENDENCIES
  pry
  puma
  sequel
  sinatra
  sqlite3

BUNDLED WITH
   2.4.6
